GEM
  remote: https://rubygems.org/
  specs:
    daemons (1.2.6)
    eventmachine (1.2.5)
    mustermann (1.0.1)
    rack (2.0.6)
    rack-protection (2.0.0)
      rack
    ruby-libvirt (0.7.0)
    sinatra (2.0.4)
      mustermann (~> 1.0)
      rack (~> 2.0)
      rack-protection (= 2.0.4)
      tilt (~> 2.0)
    thin (1.7.2)
      daemons (~> 1.0, >= 1.0.9)
      eventmachine (~> 1.0, >= 1.0.4)
      rack (>= 1, < 3)
    tilt (2.0.8)

PLATFORMS
  ruby

DEPENDENCIES
  ruby-libvirt (~> 0.7)
  sinatra (~> 2.0)
  thin (~> 1.7)

BUNDLED WITH
   1.16.1
